GEM
  remote: http://rubygems.org/
  specs:
    aws-s3 (0.6.2)
      builder
      mime-types
      xml-simple
    builder (3.0.0)
    haml (3.0.25)
    mime-types (1.16)
    rack (1.2.1)
    rack-flash (0.1.1)
      rack
    sass (3.1.0.alpha.221)
    sequel (3.20.0)
    shotgun (0.8)
      rack (>= 1.0)
    sinatra (1.1.2)
      rack (~> 1.1)
      tilt (~> 1.2)
    sinatra-sequel (0.9.0)
      sequel (>= 3.2.0)
      sinatra (>= 0.9.4)
    sqlite3 (1.3.3)
    tilt (1.2.2)
    xml-simple (1.0.14)

PLATFORMS
  ruby

DEPENDENCIES
  aws-s3
  haml
  rack-flash
  sass
  sequel
  shotgun
  sinatra
  sinatra-sequel
  sqlite3
